GEM
  remote: https://rubygems.org/
  specs:
    colorize (1.1.0)

PLATFORMS
  x64-mingw-ucrt

DEPENDENCIES
  colorize

BUNDLED WITH
   2.5.16
